GEM
  remote: http://rubygems.org/
  specs:
    envjs (0.3.8)
      johnson (>= 2.0.0.pre3)
    haml (3.1.2)
    johnson (2.0.0.pre3)
      stackdeck (~> 0.2)
    logger (1.2.8)
    rack (1.3.0)
    rake (0.9.2)
    sinatra (1.2.6)
      rack (~> 1.1)
      tilt (>= 1.2.2, < 2.0)
    stackdeck (0.2.0)
    tilt (1.3.2)

PLATFORMS
  ruby

DEPENDENCIES
  envjs
  haml
  logger
  rake
  sinatra
